PATH
  remote: .
  specs:
    asana2flowdock (1.0.0)
      amalgalite
      arrayfields (~> 4.7.4)
      coerce
      fattr
      flowdock
      json
      main (~> 6.1.0)
      map
      pry
      sequel
      threadify

GEM
  remote: https://rubygems.org/
  specs:
    amalgalite (1.3.0)
      arrayfields (~> 4.7.4)
      fastercsv (~> 1.5.5)
    arrayfields (4.7.4)
    chronic (0.10.2)
    coderay (1.1.0)
    coerce (0.0.6)
      chronic (>= 0.6.2)
    fastercsv (1.5.5)
    fattr (2.2.2)
    flowdock (0.5.0)
      httparty (~> 0.7)
      multi_json
    httparty (0.13.1)
      json (~> 1.8)
      multi_xml (>= 0.5.2)
    json (1.8.1)
    main (6.1.0)
      arrayfields (>= 4.7.4)
      chronic (>= 0.6.2)
      fattr (>= 2.2.0)
      map (>= 5.1.0)
    map (6.5.5)
    method_source (0.8.2)
    multi_json (1.10.1)
    multi_xml (0.5.5)
    pry (0.9.12.6)
      coderay (~> 1.0)
      method_source (~> 0.8)
      slop (~> 3.4)
    sequel (4.15.0)
    slop (3.5.0)
    threadify (1.3.0)

PLATFORMS
  ruby

DEPENDENCIES
  asana2flowdock!
